GEM
  remote: https://rubygems.org/
  specs:
    yard (0.9.16)

PLATFORMS
  ruby

DEPENDENCIES
  yard (~> 0.9.16)

BUNDLED WITH
   1.16.5
